GEM
  remote: http://rubygems.org/
  specs:
    diff-lcs (1.1.3)
    libv8 (3.3.10.4)
    rake (10.0.3)
    rspec (2.12.0)
      rspec-core (~> 2.12.0)
      rspec-expectations (~> 2.12.0)
      rspec-mocks (~> 2.12.0)
    rspec-core (2.12.2)
    rspec-expectations (2.12.1)
      diff-lcs (~> 1.1.3)
    rspec-mocks (2.12.1)
    therubyracer (0.10.2)
      libv8 (~> 3.3.10)

PLATFORMS
  ruby

DEPENDENCIES
  rake
  rspec
  therubyracer (>= 0.9.8, < 0.11)
